GEM
  remote: http://rubygems.org/
  specs:
    chunky_png (1.1.2)
    qrencoder (1.3.4)
      chunky_png (~> 1.1.0)
    rack (1.3.2)

PLATFORMS
  ruby

DEPENDENCIES
  qrencoder (~> 1.3.4)
  rack (~> 1.3.2)
