GEM
  remote: http://rubygems.org/
  specs:
    chunky_png (1.2.0)
    pngqr (0.5)
      chunky_png
      rqrcode
    rack (1.3.2)
    rqrcode (0.3.4)

PLATFORMS
  ruby

DEPENDENCIES
  pngqr (~> 0.5)
  rack (~> 1.3.2)
